GEM
  remote: https://rubygems.org/
  specs:
    erubis (2.7.0)

PLATFORMS
  ruby

DEPENDENCIES
  erubis!

BUNDLED WITH
   2.0.1
